GEM
  remote: https://rubygems.org/
  specs:
    ashton (0.1.3)
      gosu (~> 0.7.45)
      opengl (~> 0.8.0.pre1)
    chingu (0.8.1)
      crack
      gosu (>= 0.7.25)
      rest-client
    chipmunk (6.1.3.1)
    crack (0.4.2)
      safe_yaml (~> 1.0.0)
    cri (2.1.0)
    faster_xml_simple (0.5.0)
      libxml-ruby (>= 0.3.8.4)
    gosu (0.7.50)
    httpclient (2.3.4.1)
    json (1.8.1)
    libxml-ruby (2.7.0)
    mime-types (2.3)
    mini_portile (0.6.0)
    net-github-upload (0.0.8)
      faster_xml_simple
      httpclient
      json
      nokogiri (>= 1.4.0)
    nokogiri (1.6.2.1)
      mini_portile (= 0.6.0)
    ocra (1.3.1)
    opengl (0.8.0)
    rake (0.9.2.2)
    releasy (0.2.2)
      cri (~> 2.1.0)
      net-github-upload (~> 0.0.8)
      ocra (~> 1.3.0)
      rake (~> 0.9.2.2)
      thor (~> 0.14.6)
    rest-client (1.6.7)
      mime-types (>= 1.16)
    safe_yaml (1.0.3)
    thor (0.14.6)

PLATFORMS
  ruby

DEPENDENCIES
  ashton
  chingu
  chipmunk
  gosu
  releasy
