GEM
  remote: https://rubygems.org/
  specs:
    gosu (0.7.50)
    gosu (0.7.50-x86-mingw32)

PLATFORMS
  ruby
  x86-mingw32

DEPENDENCIES
  gosu
